PATH
  remote: .
  specs:
    oracle_to_mysql (1.1.0)
      POpen4
      mysql (= 2.8.1)

GEM
  remote: http://rubygems.org/
  specs:
    POpen4 (0.1.4)
      Platform (>= 0.4.0)
      open4
    Platform (0.4.0)
    mysql (2.8.1)
    open4 (1.2.0)
    shoulda (2.11.3)

PLATFORMS
  ruby

DEPENDENCIES
  oracle_to_mysql!
  shoulda
